GIT
  remote: https://github.com/rubymotion/BubbleWrap.git
  revision: 8e027691460c6fb4bd7e0d42f24143201f8d07bf
  specs:
    bubble-wrap (1.1.0.dev)

GIT
  remote: https://github.com/toamitkumar/formotion.git
  revision: 5755ed7e6dffb01b882ddc084d3f26b3640e9b61
  specs:
    formotion (0.0.4)
      bubble-wrap

GEM
  remote: http://rubygems.org/
  specs:
    activesupport (3.2.6)
      i18n (~> 0.6)
      multi_json (~> 1.0)
    addressable (2.2.8)
    cocoapods (0.8.0)
      activesupport (~> 3.2.6)
      colored (~> 1.2)
      escape (~> 0.0.4)
      faraday (~> 0.8.1)
      json (~> 1.7.3)
      octokit (~> 1.7.0)
      open4 (~> 1.3.0)
      rake (~> 0.9.0)
      xcodeproj (~> 0.2.3)
    colored (1.2)
    escape (0.0.4)
    faraday (0.8.1)
      multipart-post (~> 1.1)
    faraday_middleware (0.8.8)
      faraday (>= 0.7.4, < 0.9)
    hashie (1.2.0)
    i18n (0.6.0)
    json (1.7.3)
    motion-cocoapods (1.0.5)
      cocoapods (>= 0.5.1)
    multi_json (1.3.6)
    multipart-post (1.1.5)
    octokit (1.7.0)
      addressable (~> 2.2)
      faraday (~> 0.8)
      faraday_middleware (~> 0.8)
      hashie (~> 1.2)
      multi_json (~> 1.3)
    open4 (1.3.0)
    rake (0.9.2.2)
    xcodeproj (0.2.3)
      activesupport (~> 3.2.6)

PLATFORMS
  ruby

DEPENDENCIES
  bubble-wrap!
  formotion!
  motion-cocoapods
  rake
