GEM
  remote: http://rubygems.org/
  specs:
    bubble-wrap (0.3.1)
    cocoapods (0.5.1)
      xcodeproj (~> 0.1.0)
    motion-cocoapods (1.0.3)
      cocoapods (>= 0.5.1)
    rake (0.9.2.2)
    xcodeproj (0.1.0)

PLATFORMS
  ruby

DEPENDENCIES
  bubble-wrap
  motion-cocoapods
  rake
